GIT
  remote: https://github.com/muness/tripit_api.git
  revision: 71d7b48779b47d09f800c38f66ac505f8348086a
  ref: 71d7b48
  specs:
    tripit (1.0.4)
      json

GEM
  specs:
    json (1.8.1)
    mini_portile (0.5.3)
    nokogiri (1.6.2.rc2)
      mini_portile (~> 0.5.2)

PLATFORMS
  ruby

DEPENDENCIES
  nokogiri
  tripit!
